GEM
  remote: https://rubygems.org/
  specs:
    coderay (1.1.2)
    config-reader (0.1.0)
    method_source (1.0.0)
    power-rake (0.1.4)
      rake
    pry (0.13.0)
      coderay (~> 1.1)
      method_source (~> 1.0)
    rake (13.0.1)

PLATFORMS
  ruby

DEPENDENCIES
  config-reader
  power-rake
  pry

BUNDLED WITH
   2.1.4
